GEM
  remote: https://rubygems.org/
  specs:
    curb (0.9.4)
    daemons (1.2.6)
    eventmachine (1.2.5)
    mustermann (1.0.2)
    rack (2.0.7)
    rack-protection (2.0.1)
      rack
    sinatra (2.0.1)
      mustermann (~> 1.0)
      rack (~> 2.0)
      rack-protection (= 2.0.1)
      tilt (~> 2.0)
    thin (1.7.2)
      daemons (~> 1.0, >= 1.0.9)
      eventmachine (~> 1.0, >= 1.0.4)
      rack (>= 1, < 3)
    tilt (2.0.8)

PLATFORMS
  ruby

DEPENDENCIES
  curb
  rack (>= 2.0.6)
  sinatra
  thin

RUBY VERSION
   ruby 2.5.3p105

BUNDLED WITH
   1.16.6
